GEM
  specs:
    json (1.7.6)
    rack (1.5.1)
    rack-protection (1.3.2)
      rack
    rest-open-uri (1.0.0)
    sequel (3.43.0)
    sinatra (1.3.4)
      rack (~> 1.4)
      rack-protection (~> 1.3)
      tilt (~> 1.3, >= 1.3.3)
    sqlite3 (1.3.7)
    sqlite3-ruby (1.3.3)
      sqlite3 (>= 1.3.3)
    tilt (1.3.3)

PLATFORMS
  ruby

DEPENDENCIES
  json
  rest-open-uri
  sequel
  sinatra
  sqlite3-ruby
